GIT
  remote: https://github.com/SebastianEdwards/collection-json.git
  revision: 424ebae9c272158dba0062150b6799b2b05c0f00
  ref: 424ebae9c272158dba0062150b6799b2b05c0f00
  specs:
    collection-json (0.1.7)

GEM
  remote: https://rubygems.org/
  specs:
    activemodel (4.2.0)
      activesupport (= 4.2.0)
      builder (~> 3.1)
    activesupport (4.2.0)
      i18n (~> 0.7)
      json (~> 1.7, >= 1.7.7)
      minitest (~> 5.1)
      thread_safe (~> 0.3, >= 0.3.4)
      tzinfo (~> 1.1)
    as-notifications (1.0.1)
    autoprefixer-rails (5.1.0)
      execjs
      json
    bcrypt (3.1.10)
    bootstrap-sass (3.3.3)
      autoprefixer-rails (>= 5.0.0.1)
      sass (>= 3.2.19)
    builder (3.2.2)
    chunky_png (1.3.3)
    compass (1.0.3)
      chunky_png (~> 1.2)
      compass-core (~> 1.0.2)
      compass-import-once (~> 1.0.5)
      rb-fsevent (>= 0.9.3)
      rb-inotify (>= 0.9)
      sass (>= 3.3.13, < 3.5)
    compass-core (1.0.3)
      multi_json (~> 1.0)
      sass (>= 3.3.0, < 3.5)
    compass-import-once (1.0.5)
      sass (>= 3.2, < 3.5)
    configatron (4.5.0)
    diff-lcs (1.2.5)
    execjs (2.2.2)
    ffi (1.9.6)
    hashie (3.3.2)
    i18n (0.7.0)
    json (1.8.2)
    json_spec (1.1.4)
      multi_json (~> 1.0)
      rspec (>= 2.0, < 4.0)
    minitest (5.5.1)
    multi_json (1.10.1)
    mustache (0.99.8)
    rack (1.6.0)
    rack-test (0.6.3)
      rack (>= 1.0)
    rake (10.4.2)
    rb-fsevent (0.9.4)
    rb-inotify (0.9.5)
      ffi (>= 0.5.0)
    rspec (3.1.0)
      rspec-core (~> 3.1.0)
      rspec-expectations (~> 3.1.0)
      rspec-mocks (~> 3.1.0)
    rspec-core (3.1.7)
      rspec-support (~> 3.1.0)
    rspec-expectations (3.1.2)
      diff-lcs (>= 1.2.0, < 2.0)
      rspec-support (~> 3.1.0)
    rspec-mocks (3.1.3)
      rspec-support (~> 3.1.0)
    rspec-support (3.1.2)
    rspec_api_documentation (4.3.0)
      activesupport (>= 3.0.0)
      json (~> 1.4, >= 1.4.6)
      mustache (~> 0.99, >= 0.99.4)
      rspec (>= 3.0.0)
    sass (3.4.10)
    thread_safe (0.3.4)
    tzinfo (1.2.2)
      thread_safe (~> 0.1)
    webmachine (1.3.1)
      as-notifications (~> 1.0)
      i18n (>= 0.4.0)
      multi_json

PLATFORMS
  ruby

DEPENDENCIES
  activemodel (~> 4.2.0)
  bcrypt (~> 3.1.10)
  bootstrap-sass (= 3.3.3)
  collection-json!
  compass (~> 1.0.0)
  configatron (~> 4.5.0)
  hashie (~> 3.3.0)
  json_spec (~> 1.1.4)
  rack (~> 1.6.0)
  rack-test (~> 0.6.3)
  rake (~> 10.4.0)
  rspec (~> 3.1.0)
  rspec_api_documentation (~> 4.3.0)
  webmachine (~> 1.3.0)
